GEM
  remote: https://rubygems.org/
  specs:
    faraday (0.9.1)
      multipart-post (>= 1.2, < 3)
    forecast_io (2.0.0)
      faraday
      hashie
      multi_json
    hashie (3.4.0)
    multi_json (1.11.0)
    multipart-post (2.0.0)
    netrc (0.7.9)
    rack (1.6.0)
    rack-protection (1.5.3)
      rack
    rest_client (1.8.3)
      netrc (~> 0.7.7)
    sinatra (1.4.5)
      rack (~> 1.4)
      rack-protection (~> 1.4)
      tilt (~> 1.3, >= 1.3.4)
    tilt (1.4.1)

PLATFORMS
  ruby

DEPENDENCIES
  forecast_io
  rest_client
  sinatra
